GIT
  remote: git://github.com/flori/json
  revision: 0b15820e245f4048d1bcd29cd60693e4e211ab43
  ref: 0b15820e245f4048d1bcd29cd60693e4e211ab43
  specs:
    json_pure (1.4.6a)

GIT
  remote: git://github.com/neotericdesign/refinerycms.git
  revision: cd4963ddfa6f94cd10105bc3c181a898104bafc7
  branch: adminredesign
  specs:
    refinerycms (0.9.9.4)
      bundler (~> 1.0.10)
      refinerycms-authentication (~> 0.9.9.4)
      refinerycms-base (~> 0.9.9.4)
      refinerycms-core (~> 0.9.9.4)
      refinerycms-dashboard (~> 0.9.9.4)
      refinerycms-images (~> 0.9.9.4)
      refinerycms-pages (~> 0.9.9.4)
      refinerycms-resources (~> 0.9.9.4)
      refinerycms-settings (~> 0.9.9.4)
    refinerycms-authentication (0.9.9.4)
      devise (~> 1.1)
      refinerycms-core (~> 0.9.9.4)
    refinerycms-base (0.9.9.4)
    refinerycms-core (0.9.9.4)
      acts_as_indexed (~> 0.7)
      friendly_id_globalize3 (~> 3.2.0)
      globalize3 (>= 0.1.0.beta)
      moretea-awesome_nested_set (= 1.4.3.1)
      rails (~> 3.0.3)
      rdoc (>= 2.5.11)
      refinerycms-base (~> 0.9.9.4)
      refinerycms-generators (~> 0.9.9.3)
      refinerycms-settings (~> 0.9.9.4)
      truncate_html (~> 0.5)
      will_paginate (~> 3.0.pre)
    refinerycms-dashboard (0.9.9.4)
      refinerycms-core (~> 0.9.9.4)
    refinerycms-images (0.9.9.4)
      dragonfly (~> 0.8.2)
      rack-cache (>= 0.5.3)
      refinerycms-core (~> 0.9.9.4)
    refinerycms-pages (0.9.9.4)
      refinerycms-core (~> 0.9.9.4)
    refinerycms-resources (0.9.9.4)
      dragonfly (~> 0.8.2)
      rack-cache (>= 0.5.3)
      refinerycms-core (~> 0.9.9.4)
    refinerycms-settings (0.9.9.4)
      refinerycms-base (~> 0.9.9.4)

GIT
  remote: git://github.com/parndt/friendly_id
  revision: 404c4cb79658e82db6749888c4bea141e78e41fd
  specs:
    friendly_id (3.2.1)
      babosa (~> 0.2.1)

GIT
  remote: git://github.com/refinerycms/routing-filter
  revision: e636ce0bb116d6615221cf9a8dc23dee9532857b
  specs:
    routing-filter (0.2.3)
      actionpack

GIT
  remote: git://github.com/resolve/refinerycms-generators
  revision: 3754d38e19c4a723e98f307e6776157be779810d
  specs:
    refinerycms-generators (0.9.9.5)

PATH
  remote: vendor/engines
  specs:
    refinerycms-helpdocs (1.0)

GEM
  remote: http://rubygems.org/
  specs:
    ZenTest (4.5.0)
    abstract (1.0.0)
    actionmailer (3.0.3)
      actionpack (= 3.0.3)
      mail (~> 2.2.9)
    actionpack (3.0.3)
      activemodel (= 3.0.3)
      activesupport (= 3.0.3)
      builder (~> 2.1.2)
      erubis (~> 2.6.6)
      i18n (~> 0.4)
      rack (~> 1.2.1)
      rack-mount (~> 0.6.13)
      rack-test (~> 0.5.6)
      tzinfo (~> 0.3.23)
    activemodel (3.0.3)
      activesupport (= 3.0.3)
      builder (~> 2.1.2)
      i18n (~> 0.4)
    activerecord (3.0.3)
      activemodel (= 3.0.3)
      activesupport (= 3.0.3)
      arel (~> 2.0.2)
      tzinfo (~> 0.3.23)
    activeresource (3.0.3)
      activemodel (= 3.0.3)
      activesupport (= 3.0.3)
    activesupport (3.0.3)
    acts_as_indexed (0.7.1)
    arel (2.0.8)
    autotest (4.4.6)
      ZenTest (>= 4.4.1)
    autotest-notification (2.3.1)
      autotest (~> 4.3)
    autotest-rails (4.1.0)
      ZenTest
    babosa (0.2.2)
    bcrypt-ruby (2.1.4)
    builder (2.1.2)
    capistrano (2.5.19)
      highline
      net-scp (>= 1.0.0)
      net-sftp (>= 2.0.0)
      net-ssh (>= 2.0.14)
      net-ssh-gateway (>= 1.0.0)
    capybara (0.4.1.2)
      celerity (>= 0.7.9)
      culerity (>= 0.2.4)
      mime-types (>= 1.16)
      nokogiri (>= 1.3.3)
      rack (>= 1.0.0)
      rack-test (>= 0.5.4)
      selenium-webdriver (>= 0.0.27)
      xpath (~> 0.1.3)
    celerity (0.8.8)
    childprocess (0.1.7)
      ffi (~> 0.6.3)
    configuration (1.2.0)
    cucumber (0.10.0)
      builder (>= 2.1.2)
      diff-lcs (~> 1.1.2)
      gherkin (~> 2.3.2)
      json (~> 1.4.6)
      term-ansicolor (~> 1.0.5)
    cucumber-rails (0.3.2)
      cucumber (>= 0.8.0)
    culerity (0.2.15)
    database_cleaner (0.6.4)
    devise (1.1.7)
      bcrypt-ruby (~> 2.1.2)
      warden (~> 1.0.2)
    diff-lcs (1.1.2)
    dragonfly (0.8.2)
      rack
    erubis (2.6.6)
      abstract (>= 1.0.0)
    factory_girl (1.3.3)
    ffi (0.6.3)
      rake (>= 0.8.7)
    filters_spam (0.3)
    friendly_id_globalize3 (3.2.1)
      babosa (~> 0.2.1)
    gherkin (2.3.3)
      json (~> 1.4.6)
    globalize3 (0.1.0.beta)
      activemodel (>= 3.0.0)
      activerecord (>= 3.0.0)
    highline (1.6.1)
    i18n (0.5.0)
    json (1.4.6)
    launchy (0.3.7)
      configuration (>= 0.0.5)
      rake (>= 0.8.1)
    mail (2.2.15)
      activesupport (>= 2.3.6)
      i18n (>= 0.4.0)
      mime-types (~> 1.16)
      treetop (~> 1.4.8)
    mime-types (1.16)
    moretea-awesome_nested_set (1.4.3.1)
      activerecord (~> 3.0.0)
    mysql2 (0.2.6)
    net-scp (1.0.4)
      net-ssh (>= 1.99.1)
    net-sftp (2.0.5)
      net-ssh (>= 2.0.9)
    net-ssh (2.1.0)
    net-ssh-gateway (1.0.1)
      net-ssh (>= 1.99.1)
    nokogiri (1.4.4)
    polyglot (0.3.1)
    rack (1.2.1)
    rack-cache (1.0)
      rack (>= 0.4)
    rack-mount (0.6.13)
      rack (>= 1.0.0)
    rack-test (0.5.7)
      rack (>= 1.0)
    rails (3.0.3)
      actionmailer (= 3.0.3)
      actionpack (= 3.0.3)
      activerecord (= 3.0.3)
      activeresource (= 3.0.3)
      activesupport (= 3.0.3)
      bundler (~> 1.0)
      railties (= 3.0.3)
    railties (3.0.3)
      actionpack (= 3.0.3)
      activesupport (= 3.0.3)
      rake (>= 0.8.7)
      thor (~> 0.14.4)
    rake (0.8.7)
    rdoc (3.5.3)
    refinerycms-i18n (0.9.9.10)
      refinerycms (>= 0.9.8)
      routing-filter (>= 0.2.3)
    refinerycms-inquiries (0.9.9.9)
      filters_spam (~> 0.2)
    rspec (2.3.0)
      rspec-core (~> 2.3.0)
      rspec-expectations (~> 2.3.0)
      rspec-mocks (~> 2.3.0)
    rspec-core (2.3.1)
    rspec-expectations (2.3.0)
      diff-lcs (~> 1.1.2)
    rspec-mocks (2.3.0)
    rspec-rails (2.3.0)
      actionpack (~> 3.0)
      activesupport (~> 3.0)
      railties (~> 3.0)
      rspec (~> 2.3.0)
    ruby-prof (0.9.2)
    rubyzip (0.9.4)
    selenium-webdriver (0.1.3)
      childprocess (~> 0.1.5)
      ffi (~> 0.6.3)
      json_pure
      rubyzip
    spork (0.8.4)
    sqlite3 (1.3.3)
    sqlite3-ruby (1.3.3)
      sqlite3 (>= 1.3.3)
    term-ansicolor (1.0.5)
    thor (0.14.6)
    treetop (1.4.9)
      polyglot (>= 0.3.1)
    truncate_html (0.5.0)
    tzinfo (0.3.24)
    warden (1.0.3)
      rack (>= 1.0.0)
    will_paginate (3.0.pre2)
    xpath (0.1.3)
      nokogiri (~> 1.3)
    ya2yaml (0.30)

PLATFORMS
  ruby

DEPENDENCIES
  autotest
  autotest-notification
  autotest-rails
  bundler (~> 1.0.7)
  capistrano
  capybara (>= 0.4.1.rc)
  cucumber-rails
  database_cleaner
  factory_girl
  friendly_id!
  gherkin
  json_pure (= 1.4.6a)!
  launchy
  mysql2
  rack-test (~> 0.5.6)
  rails (= 3.0.3)
  refinerycms!
  refinerycms-generators (~> 0.9.9)!
  refinerycms-helpdocs (= 1.0)!
  refinerycms-i18n (~> 0.9)
  refinerycms-inquiries (~> 0.9.9.9)
  routing-filter!
  rspec-rails (= 2.3)
  ruby-prof
  spork
  sqlite3-ruby
  ya2yaml
